RESTRICTION: >= net452
NUGET
  remote: https://api.nuget.org/v3/index.json
    FSharp.Core (4.3.4) - restriction: && (>= net452) (>= netstandard2.0)
    Newtonsoft.Json (11.0.2)
    Npgsql (3.2.7)
      System.Threading.Tasks.Extensions (>= 4.3)
    NUnit (3.10.1)
    System.Collections (4.3) - restriction: && (>= net452) (< netstandard2.0)
    System.Runtime (4.3) - restriction: && (>= net452) (< netstandard2.0)
    System.Threading.Tasks (4.3) - restriction: && (>= net452) (< netstandard2.0)
    System.Threading.Tasks.Extensions (4.4)
      System.Collections (>= 4.3) - restriction: && (>= net452) (< netstandard2.0)
      System.Runtime (>= 4.3) - restriction: && (>= net452) (< netstandard2.0)
      System.Threading.Tasks (>= 4.3) - restriction: && (>= net452) (< netstandard2.0)
    Unquote (4.0)
      FSharp.Core (>= 4.2.3) - restriction: && (>= net452) (>= netstandard2.0)
