RESTRICTION: == net47
NUGET
  remote: https://api.nuget.org/v3/index.json
    Newtonsoft.Json (11.0.2)
    Npgsql (4.0.2)
      System.Runtime.CompilerServices.Unsafe (>= 4.5)
      System.Threading.Tasks.Extensions (>= 4.5)
      System.ValueTuple (>= 4.5)
    NUnit (3.10.1)
    System.Runtime.CompilerServices.Unsafe (4.5.1)
    System.Threading.Tasks.Extensions (4.5.1)
      System.Runtime.CompilerServices.Unsafe (>= 4.5)
    System.ValueTuple (4.5)
    Unquote (4.0)
