RESTRICTION: == net47
NUGET
  remote: https://api.nuget.org/v3/index.json
    Newtonsoft.Json (11.0.2)
    Npgsql (3.2.7)
      System.Threading.Tasks.Extensions (>= 4.3)
    NUnit (3.10.1)
    System.Collections (4.3)
    System.Runtime (4.3)
    System.Threading.Tasks (4.3)
    System.Threading.Tasks.Extensions (4.4)
      System.Collections (>= 4.3)
      System.Runtime (>= 4.3)
      System.Threading.Tasks (>= 4.3)
    Unquote (4.0)
